PATH
  remote: .
  specs:
    foodie (0.1.0)
      gh_inspector (~> 1.0)
      nap (~> 1.0)
      ruby-macho (~> 1.4)

GEM
  remote: https://rubygems.org/
  specs:
    gh_inspector (1.1.3)
    nap (1.1.0)
    rake (10.5.0)
    ruby-macho (1.4.0)

PLATFORMS
  ruby

DEPENDENCIES
  bundler (~> 1.17)
  foodie!
  rake (~> 10.0)

BUNDLED WITH
   1.17.2
